STORAGE: NONE
NUGET
  remote: https://api.nuget.org/v3/index.json
    BananaCakePop.Middleware (16.0.3) - restriction: >= net6.0
      Yarp.ReverseProxy (>= 2.1) - restriction: >= net6.0
    Fable.AST (4.5) - restriction: >= netstandard2.0
    Fable.Browser.Blob (1.4) - restriction: >= netstandard2.0
      Fable.Core (>= 3.2.8) - restriction: >= netstandard2.0
      FSharp.Core (>= 4.7.2) - restriction: >= netstandard2.0
    Fable.Browser.Dom (2.16) - restriction: >= netstandard2.0
      Fable.Browser.Blob (>= 1.3) - restriction: >= netstandard2.0
      Fable.Browser.Event (>= 1.5) - restriction: >= netstandard2.0
      Fable.Browser.WebStorage (>= 1.2) - restriction: >= netstandard2.0
      Fable.Core (>= 3.2.8) - restriction: >= netstandard2.0
      FSharp.Core (>= 4.7.2) - restriction: >= netstandard2.0
    Fable.Browser.Event (1.6) - restriction: >= netstandard2.0
      Fable.Browser.Gamepad (>= 1.3) - restriction: >= netstandard2.0
      Fable.Core (>= 3.2.8) - restriction: >= netstandard2.0
      FSharp.Core (>= 4.7.2) - restriction: >= netstandard2.0
    Fable.Browser.Gamepad (1.3) - restriction: >= netstandard2.0
      Fable.Core (>= 3.2.8) - restriction: >= netstandard2.0
      FSharp.Core (>= 4.7.2) - restriction: >= netstandard2.0
    Fable.Browser.WebStorage (1.3) - restriction: >= netstandard2.0
      Fable.Browser.Event (>= 1.6) - restriction: >= netstandard2.0
      Fable.Core (>= 3.2.8) - restriction: >= netstandard2.0
      FSharp.Core (>= 4.7.2) - restriction: >= netstandard2.0
    Fable.Core (4.3) - restriction: >= netstandard2.0
    Fable.Elmish (4.1) - restriction: >= netstandard2.0
      Fable.Core (>= 3.7.1) - restriction: >= netstandard2.0
      FSharp.Core (>= 4.7.2) - restriction: >= netstandard2.0
    Fable.React.Types (18.3) - restriction: >= netstandard2.0
      Fable.Browser.Dom (>= 2.4.4) - restriction: >= netstandard2.0
      Fable.Core (>= 3.2.7) - restriction: >= netstandard2.0
      FSharp.Core (>= 4.7.2) - restriction: >= netstandard2.0
    Fable.ReactDom.Types (18.2) - restriction: >= netstandard2.0
      Fable.React.Types (>= 18.3) - restriction: >= netstandard2.0
      FSharp.Core (>= 4.7.2) - restriction: >= netstandard2.0
    Feliz (2.7)
      Fable.ReactDom.Types (>= 18.2) - restriction: >= netstandard2.0
      Feliz.CompilerPlugins (>= 2.2) - restriction: >= netstandard2.0
      FSharp.Core (>= 4.7.2) - restriction: >= netstandard2.0
    Feliz.CompilerPlugins (2.2) - restriction: >= netstandard2.0
      Fable.AST (>= 4.2.1) - restriction: >= netstandard2.0
      FSharp.Core (>= 4.7.2) - restriction: >= netstandard2.0
    Feliz.Router (4.0)
      Fable.Elmish (>= 4.0) - restriction: >= netstandard2.0
      Feliz (>= 2.3) - restriction: >= netstandard2.0
      FSharp.Core (>= 4.7.2) - restriction: >= netstandard2.0
    FSharp.Core (8.0.300)
    GreenDonut (13.9.4) - restriction: >= net6.0
      Microsoft.Extensions.ObjectPool (>= 6.0) - restriction: || (&& (>= net6.0) (< net7.0)) (&& (< net6.0) (>= netstandard2.0))
      Microsoft.Extensions.ObjectPool (>= 7.0) - restriction: && (>= net7.0) (< net8.0)
      Microsoft.Extensions.ObjectPool (>= 8.0) - restriction: >= net8.0
      System.Diagnostics.DiagnosticSource (>= 6.0) - restriction: || (&& (>= net6.0) (< net7.0)) (&& (< net6.0) (>= netstandard2.0))
      System.Diagnostics.DiagnosticSource (>= 7.0) - restriction: && (>= net7.0) (< net8.0)
      System.Diagnostics.DiagnosticSource (>= 8.0) - restriction: >= net8.0
      System.Threading.Tasks.Extensions (>= 4.5) - restriction: >= netstandard2.0
    HotChocolate (13.9.4) - restriction: >= net6.0
      HotChocolate.Authorization (>= 13.9.4) - restriction: >= netstandard2.0
      HotChocolate.Execution (>= 13.9.4) - restriction: >= netstandard2.0
      HotChocolate.Fetching (>= 13.9.4) - restriction: >= netstandard2.0
      HotChocolate.Types (>= 13.9.4) - restriction: >= netstandard2.0
      HotChocolate.Types.CursorPagination (>= 13.9.4) - restriction: >= netstandard2.0
      HotChocolate.Types.Mutations (>= 13.9.4) - restriction: >= netstandard2.0
      HotChocolate.Types.OffsetPagination (>= 13.9.4) - restriction: >= netstandard2.0
      HotChocolate.Validation (>= 13.9.4) - restriction: >= netstandard2.0
    HotChocolate.Abstractions (13.9.4) - restriction: >= net6.0
      HotChocolate.Language (>= 13.9.4) - restriction: >= netstandard2.0
      Microsoft.Bcl.AsyncInterfaces (>= 6.0) - restriction: || (&& (>= net6.0) (< net7.0)) (&& (< net6.0) (>= netstandard2.0))
      System.Collections.Immutable (>= 6.0) - restriction: || (&& (>= net6.0) (< net7.0)) (&& (< net6.0) (>= netstandard2.0))
      System.Collections.Immutable (>= 7.0) - restriction: && (>= net7.0) (< net8.0)
      System.Collections.Immutable (>= 8.0) - restriction: >= net8.0
    HotChocolate.AspNetCore (13.9.4)
      BananaCakePop.Middleware (>= 16.0.1) - restriction: >= net6.0
      HotChocolate (>= 13.9.4) - restriction: >= net6.0
      HotChocolate.Subscriptions.InMemory (>= 13.9.4) - restriction: >= net6.0
      HotChocolate.Transport.Sockets (>= 13.9.4) - restriction: >= net6.0
      HotChocolate.Types.Scalars.Upload (>= 13.9.4) - restriction: >= net6.0
      HotChocolate.Utilities.DependencyInjection (>= 13.9.4) - restriction: >= net6.0
    HotChocolate.Authorization (13.9.4) - restriction: >= net6.0
      HotChocolate.Execution (>= 13.9.4) - restriction: >= netstandard2.0
    HotChocolate.Execution (13.9.4) - restriction: >= net6.0
      HotChocolate.Abstractions (>= 13.9.4) - restriction: >= netstandard2.0
      HotChocolate.Execution.Abstractions (>= 13.9.4) - restriction: >= netstandard2.0
      HotChocolate.Fetching (>= 13.9.4) - restriction: >= netstandard2.0
      HotChocolate.Types (>= 13.9.4) - restriction: >= netstandard2.0
      HotChocolate.Utilities.DependencyInjection (>= 13.9.4) - restriction: >= netstandard2.0
      HotChocolate.Validation (>= 13.9.4) - restriction: >= netstandard2.0
      Microsoft.Extensions.DependencyInjection (>= 6.0) - restriction: || (&& (>= net6.0) (< net7.0)) (&& (< net6.0) (>= netstandard2.0))
      Microsoft.Extensions.DependencyInjection (>= 7.0) - restriction: && (>= net7.0) (< net8.0)
      Microsoft.Extensions.DependencyInjection (>= 8.0) - restriction: >= net8.0
      System.Threading.Channels (>= 6.0) - restriction: || (&& (>= net6.0) (< net7.0)) (&& (< net6.0) (>= netstandard2.0))
      System.Threading.Channels (>= 7.0) - restriction: && (>= net7.0) (< net8.0)
      System.Threading.Channels (>= 8.0) - restriction: >= net8.0
    HotChocolate.Execution.Abstractions (13.9.4) - restriction: >= net6.0
      HotChocolate.Abstractions (>= 13.9.4) - restriction: >= netstandard2.0
      Microsoft.Extensions.DependencyInjection.Abstractions (>= 6.0) - restriction: || (&& (>= net6.0) (< net7.0)) (&& (< net6.0) (>= netstandard2.0))
      Microsoft.Extensions.DependencyInjection.Abstractions (>= 7.0) - restriction: && (>= net7.0) (< net8.0)
      Microsoft.Extensions.DependencyInjection.Abstractions (>= 8.0) - restriction: >= net8.0
    HotChocolate.Fetching (13.9.4) - restriction: >= net6.0
      GreenDonut (>= 13.9.4) - restriction: >= netstandard2.0
      HotChocolate.Types (>= 13.9.4) - restriction: >= netstandard2.0
    HotChocolate.Language (13.9.4) - restriction: >= net6.0
      HotChocolate.Language.SyntaxTree (>= 13.9.4) - restriction: >= netstandard2.0
      HotChocolate.Language.Utf8 (>= 13.9.4) - restriction: >= netstandard2.0
      HotChocolate.Language.Visitors (>= 13.9.4) - restriction: >= netstandard2.0
      HotChocolate.Language.Web (>= 13.9.4) - restriction: >= netstandard2.0
    HotChocolate.Language.SyntaxTree (13.9.4) - restriction: >= net6.0
      Microsoft.Extensions.ObjectPool (>= 6.0) - restriction: || (&& (>= net6.0) (< net7.0)) (&& (< net6.0) (>= netstandard2.0))
      Microsoft.Extensions.ObjectPool (>= 7.0) - restriction: && (>= net7.0) (< net8.0)
      Microsoft.Extensions.ObjectPool (>= 8.0) - restriction: >= net8.0
    HotChocolate.Language.Utf8 (13.9.4) - restriction: >= net6.0
      HotChocolate.Language.SyntaxTree (>= 13.9.4) - restriction: >= netstandard2.0
    HotChocolate.Language.Visitors (13.9.4) - restriction: >= net6.0
      HotChocolate.Language.SyntaxTree (>= 13.9.4) - restriction: >= netstandard2.0
    HotChocolate.Language.Web (13.9.4) - restriction: >= net6.0
      HotChocolate.Language.Utf8 (>= 13.9.4) - restriction: >= netstandard2.0
    HotChocolate.Subscriptions (13.9.4) - restriction: >= net6.0
      HotChocolate.Abstractions (>= 13.9.4) - restriction: >= net6.0
      HotChocolate.Execution.Abstractions (>= 13.9.4) - restriction: >= net6.0
    HotChocolate.Subscriptions.InMemory (13.9.4) - restriction: >= net6.0
      HotChocolate.Execution.Abstractions (>= 13.9.4) - restriction: >= net6.0
      HotChocolate.Subscriptions (>= 13.9.4) - restriction: >= net6.0
      Microsoft.Extensions.DependencyInjection.Abstractions (>= 6.0) - restriction: && (>= net6.0) (< net7.0)
      Microsoft.Extensions.DependencyInjection.Abstractions (>= 7.0) - restriction: && (>= net7.0) (< net8.0)
      Microsoft.Extensions.DependencyInjection.Abstractions (>= 8.0) - restriction: >= net8.0
    HotChocolate.Transport.Sockets (13.9.4) - restriction: >= net6.0
      System.IO.Pipelines (>= 6.0) - restriction: || (&& (>= net6.0) (< net7.0)) (&& (< net6.0) (>= netstandard2.0))
      System.IO.Pipelines (>= 7.0) - restriction: && (>= net7.0) (< net8.0)
      System.IO.Pipelines (>= 8.0) - restriction: >= net8.0
    HotChocolate.Types (13.9.4) - restriction: >= net6.0
      HotChocolate.Abstractions (>= 13.9.4) - restriction: >= netstandard2.0
      HotChocolate.Types.Shared (>= 13.9.4) - restriction: >= netstandard2.0
      HotChocolate.Utilities (>= 13.9.4) - restriction: >= netstandard2.0
      Microsoft.Extensions.DependencyInjection.Abstractions (>= 6.0) - restriction: || (&& (>= net6.0) (< net7.0)) (&& (< net6.0) (>= netstandard2.0))
      Microsoft.Extensions.DependencyInjection.Abstractions (>= 7.0) - restriction: && (>= net7.0) (< net8.0)
      Microsoft.Extensions.DependencyInjection.Abstractions (>= 8.0) - restriction: >= net8.0
      Microsoft.Extensions.ObjectPool (>= 6.0) - restriction: || (&& (>= net6.0) (< net7.0)) (&& (< net6.0) (>= netstandard2.0))
      Microsoft.Extensions.ObjectPool (>= 7.0) - restriction: && (>= net7.0) (< net8.0)
      Microsoft.Extensions.ObjectPool (>= 8.0) - restriction: >= net8.0
      System.ComponentModel.Annotations (>= 5.0) - restriction: >= netstandard2.0
      System.Text.Json (>= 6.0.7) - restriction: || (&& (>= net6.0) (< net7.0)) (&& (< net6.0) (>= netstandard2.0))
      System.Text.Json (>= 7.0) - restriction: && (>= net7.0) (< net8.0)
      System.Text.Json (>= 8.0) - restriction: >= net8.0
    HotChocolate.Types.CursorPagination (13.9.4) - restriction: >= net6.0
      HotChocolate.Execution (>= 13.9.4) - restriction: >= netstandard2.0
      HotChocolate.Types (>= 13.9.4) - restriction: >= netstandard2.0
    HotChocolate.Types.Mutations (13.9.4) - restriction: >= net6.0
      HotChocolate.Execution (>= 13.9.4) - restriction: >= netstandard2.0
      HotChocolate.Types (>= 13.9.4) - restriction: >= netstandard2.0
    HotChocolate.Types.OffsetPagination (13.9.4) - restriction: >= net6.0
      HotChocolate.Execution (>= 13.9.4) - restriction: >= netstandard2.0
      HotChocolate.Types (>= 13.9.4) - restriction: >= netstandard2.0
    HotChocolate.Types.Scalars.Upload (13.9.4) - restriction: >= net6.0
      HotChocolate.Types (>= 13.9.4) - restriction: >= netstandard2.0
    HotChocolate.Types.Shared (13.9.4) - restriction: >= net6.0
      HotChocolate.Language.SyntaxTree (>= 13.9.4) - restriction: >= netstandard2.0
    HotChocolate.Utilities (13.9.4) - restriction: >= net6.0
    HotChocolate.Utilities.DependencyInjection (13.9.4) - restriction: >= net6.0
      Microsoft.Extensions.DependencyInjection (>= 6.0) - restriction: || (&& (>= net6.0) (< net7.0)) (&& (< net6.0) (>= netstandard2.0))
      Microsoft.Extensions.DependencyInjection (>= 7.0) - restriction: && (>= net7.0) (< net8.0)
      Microsoft.Extensions.DependencyInjection (>= 8.0) - restriction: >= net8.0
    HotChocolate.Validation (13.9.4) - restriction: >= net6.0
      HotChocolate.Types (>= 13.9.4) - restriction: >= netstandard2.0
      Microsoft.Extensions.DependencyInjection.Abstractions (>= 6.0) - restriction: || (&& (>= net6.0) (< net7.0)) (&& (< net6.0) (>= netstandard2.0))
      Microsoft.Extensions.DependencyInjection.Abstractions (>= 7.0) - restriction: && (>= net7.0) (< net8.0)
      Microsoft.Extensions.DependencyInjection.Abstractions (>= 8.0) - restriction: >= net8.0
      Microsoft.Extensions.Options (>= 6.0) - restriction: || (&& (>= net6.0) (< net7.0)) (&& (< net6.0) (>= netstandard2.0))
      Microsoft.Extensions.Options (>= 7.0) - restriction: && (>= net7.0) (< net8.0)
      Microsoft.Extensions.Options (>= 8.0) - restriction: >= net8.0
    Microsoft.Bcl.AsyncInterfaces (8.0) - restriction: || (&& (>= net462) (>= net6.0)) (&& (>= net462) (>= net7.0)) (&& (>= net6.0) (< net7.0)) (&& (>= net7.0) (< net8.0))
    Microsoft.Bcl.TimeProvider (8.0.1) - restriction: || (&& (>= net6.0) (< net7.0)) (&& (>= net7.0) (< net8.0))
      Microsoft.Bcl.AsyncInterfaces (>= 8.0) - restriction: || (>= net462) (&& (< net8.0) (>= netstandard2.0))
    Microsoft.Extensions.DependencyInjection (8.0) - restriction: >= net6.0
      Microsoft.Extensions.DependencyInjection.Abstractions (>= 8.0) - restriction: || (>= net462) (>= netstandard2.0)
    Microsoft.Extensions.DependencyInjection.Abstractions (8.0.1) - restriction: >= net6.0
    Microsoft.Extensions.ObjectPool (8.0.5) - restriction: >= net6.0
    Microsoft.Extensions.Options (8.0.2) - restriction: >= net6.0
      Microsoft.Extensions.DependencyInjection.Abstractions (>= 8.0) - restriction: || (>= net462) (>= netstandard2.0)
      Microsoft.Extensions.Primitives (>= 8.0) - restriction: || (>= net462) (>= netstandard2.0)
    Microsoft.Extensions.Primitives (8.0) - restriction: >= net6.0
      System.Runtime.CompilerServices.Unsafe (>= 6.0) - restriction: || (>= net462) (&& (>= net6.0) (< net7.0)) (&& (< net6.0) (>= netstandard2.0))
    System.Collections.Immutable (8.0) - restriction: || (>= net6.0) (&& (>= net7.0) (< net8.0))
      System.Runtime.CompilerServices.Unsafe (>= 6.0) - restriction: || (>= net462) (&& (>= net6.0) (< net7.0)) (&& (< net6.0) (>= netstandard2.0))
    System.ComponentModel.Annotations (5.0) - restriction: >= net6.0
    System.Diagnostics.DiagnosticSource (8.0.1) - restriction: >= net6.0
      System.Runtime.CompilerServices.Unsafe (>= 6.0) - restriction: || (>= net462) (&& (>= net6.0) (< net7.0)) (&& (< net6.0) (>= netstandard2.0))
    System.IO.Hashing (8.0) - restriction: >= net6.0
    System.IO.Pipelines (8.0) - restriction: >= net6.0
    System.Runtime.CompilerServices.Unsafe (6.0) - restriction: || (&& (>= net462) (>= net6.0)) (&& (>= net6.0) (< net7.0))
    System.Text.Encodings.Web (8.0) - restriction: >= net6.0
      System.Runtime.CompilerServices.Unsafe (>= 6.0) - restriction: || (>= net462) (&& (>= net6.0) (< net7.0)) (&& (< net6.0) (>= netstandard2.0))
    System.Text.Json (8.0.3) - restriction: >= net6.0
      System.Runtime.CompilerServices.Unsafe (>= 6.0) - restriction: || (>= net462) (&& (>= net6.0) (< net7.0)) (&& (< net6.0) (>= netstandard2.0))
      System.Text.Encodings.Web (>= 8.0) - restriction: || (>= net462) (>= netstandard2.0)
    System.Threading.Channels (8.0) - restriction: >= net6.0
    System.Threading.Tasks.Extensions (4.5.4) - restriction: >= net6.0
    Yarp.ReverseProxy (2.1) - restriction: >= net6.0
      Microsoft.Bcl.TimeProvider (>= 8.0) - restriction: || (&& (>= net6.0) (< net7.0)) (&& (>= net7.0) (< net8.0))
      System.Collections.Immutable (>= 8.0) - restriction: || (&& (>= net6.0) (< net7.0)) (&& (>= net7.0) (< net8.0))
      System.IO.Hashing (>= 7.0) - restriction: >= net6.0
